GEM
  remote: http://rubygems.org/
  specs:
    json (2.2.0)
    mustermann (1.0.3)
    nio4r (2.5.8)
    puma (4.3.12)
      nio4r (~> 2.0)
    rack (2.0.7)
    rack-protection (2.0.7)
      rack
    sinatra (2.0.7)
      mustermann (~> 1.0)
      rack (~> 2.0)
      rack-protection (= 2.0.7)
      tilt (~> 2.0)
    tilt (2.0.10)

PLATFORMS
  ruby

DEPENDENCIES
  bundler
  json
  puma
  sinatra

RUBY VERSION
   ruby 2.6.5p114

BUNDLED WITH
   1.17.3
